GEM
  remote: https://rubygems.org/
  remote: https://gems.cloud.bbc.co.uk/
  specs:
    aws-partitions (1.80.0)
    aws-sdk-cloudformation (1.4.0)
      aws-sdk-core (~> 3)
      aws-sigv4 (~> 1.0)
    aws-sdk-core (3.19.0)
      aws-partitions (~> 1.0)
      aws-sigv4 (~> 1.0)
      jmespath (~> 1.0)
    aws-sigv4 (1.0.2)
    clean-modav-spud (0.1.5)
    domain_name (0.5.20180417)
      unf (>= 0.0.5, < 1.0.0)
    forge-helper (3.0.0)
      rest-client (~> 2)
    http-cookie (1.0.3)
      domain_name (~> 0.5)
    jmespath (1.4.0)
    mime-types (3.1)
      mime-types-data (~> 3.2015)
    mime-types-data (3.2016.0521)
    netrc (0.11.0)
    rest-client (2.0.2)
      http-cookie (>= 1.0.2, < 2.0)
      mime-types (>= 1.16, < 4.0)
      netrc (~> 0.8)
    rosarium (0.1.5)
    ruby-graphviz (1.2.2)
    unf (0.1.4)
      unf_ext
    unf_ext (0.0.7.5)
    wormhole (1.5.1)
      forge-helper (~> 3)

PLATFORMS
  ruby

DEPENDENCIES
  aws-sdk-cloudformation (~> 1.0)!
  clean-modav-spud!
  forge-helper!
  rosarium!
  ruby-graphviz!
  wormhole!

BUNDLED WITH
   1.16.4
